GEM
  remote: https://rubygems.org/
  specs:
    colorize (0.8.1)
    debase (0.2.4.1)
      debase-ruby_core_source (>= 0.10.2)
    debase-ruby_core_source (0.10.16)
    debug (1.5.0)
      irb (>= 1.3.6)
      reline (>= 0.2.7)
    domain_name (0.5.20190701)
      unf (>= 0.0.5, < 1.0.0)
    faraday (2.3.0)
      faraday-net_http (~> 2.0)
      ruby2_keywords (>= 0.0.4)
    faraday-cookie_jar (0.0.7)
      faraday (>= 0.8.0)
      http-cookie (~> 1.0.0)
    faraday-net_http (2.0.3)
    green_day (0.5.0)
      colorize
      faraday
      faraday-cookie_jar
      nokogiri
      parallel
      thor
      webrick
    http-cookie (1.0.5)
      domain_name (~> 0.5)
    io-console (0.5.11)
    irb (1.4.1)
      reline (>= 0.3.0)
    nokogiri (1.13.6-x64-mingw32)
      racc (~> 1.4)
    parallel (1.22.1)
    racc (1.6.0)
    rake (13.0.6)
    reline (0.3.1)
      io-console (~> 0.5)
    rspec-core (3.11.0)
      rspec-support (~> 3.11.0)
    rspec-support (3.11.0)
    ruby-debug-ide (0.7.3)
      rake (>= 0.8.1)
    ruby2_keywords (0.0.5)
    thor (1.2.1)
    unf (0.1.4)
      unf_ext
    unf_ext (0.0.8.2-x64-mingw32)
    webrick (1.7.0)

PLATFORMS
  x64-mingw32

DEPENDENCIES
  debase
  debug
  green_day (~> 0.5.0)
  rspec-core
  ruby-debug-ide

BUNDLED WITH
   2.3.17
